PATH
  remote: .
  specs:
    nesta Dropbox plugin (0.0.1)
      nesta (>= 0.10)

GEM
  remote: http://rubygems.org/
  specs:
    RedCloth (4.2.9)
    diff-lcs (1.2.5)
    haml (4.0.5)
      tilt
    hoe (3.12.0)
      rake (>= 0.8, < 11.0)
    mini_portile (0.6.0)
    nesta (0.10.0)
      RedCloth (~> 4.2)
      haml (>= 3.1)
      rack (>= 1.3)
      rdiscount (~> 2.1)
      sass (>= 3.1)
      sinatra (~> 1.4)
    nokogiri (1.6.3.1)
      mini_portile (= 0.6.0)
    rack (1.5.2)
    rack-protection (1.5.3)
      rack
    rack-test (0.6.1)
      rack (>= 1.0)
    rake (10.3.2)
    rdiscount (2.1.7.1)
    rspec (2.14.1)
      rspec-core (~> 2.14.0)
      rspec-expectations (~> 2.14.0)
      rspec-mocks (~> 2.14.0)
    rspec-core (2.14.8)
    rspec-expectations (2.14.5)
      diff-lcs (>= 1.1.3, < 2.0)
    rspec-mocks (2.14.6)
    sass (3.4.0)
    sinatra (1.4.5)
      rack (~> 1.4)
      rack-protection (~> 1.4)
      tilt (~> 1.3, >= 1.3.4)
    test-unit (1.2.3)
      hoe (>= 1.5.1)
    tilt (1.4.1)
    webrat (0.7.3)
      nokogiri (>= 1.2.0)
      rack (>= 1.0)
      rack-test (>= 0.5.3)

PLATFORMS
  ruby

DEPENDENCIES
  nesta Dropbox plugin!
  rack-test (= 0.6.1)
  rspec (~> 2.14.0)
  test-unit (= 1.2.3)
  webrat (~> 0.7.3)
